GEM
  remote: https://rubygems.org/
  specs:
    activegraph (11.1.0)
      activemodel (>= 4.0)
      activesupport (>= 4.0)
      i18n (!= 1.8.8)
      neo4j-ruby-driver (>= 4.4.1)
      orm_adapter (~> 0.5.0)
      sorted_set
    activemodel (7.0.4.2)
      activesupport (= 7.0.4.2)
    activesupport (7.0.4.2)
      concurrent-ruby (~> 1.0, >= 1.0.2)
      i18n (>= 1.6, < 2)
      minitest (>= 5.1)
      tzinfo (~> 2.0)
    anystyle (1.4.1)
      anystyle-data (~> 1.3)
      bibtex-ruby (~> 6.0)
      namae (~> 1.0)
      wapiti (~> 2.1)
    anystyle-data (1.3.0)
    ast (2.4.2)
    async (2.3.1)
      console (~> 1.10)
      io-event (~> 1.1)
      timers (~> 4.1)
    async-io (1.34.3)
      async
    bibtex-ruby (6.0.0)
      latex-decode (~> 0.0)
    builder (3.2.4)
    concurrent-ruby (1.2.0)
    connection_pool (2.3.0)
    console (1.16.2)
      fiber-local
    damerau-levenshtein (1.3.3)
    dotenv (2.8.1)
    faraday (2.7.4)
      faraday-net_http (>= 2.0, < 3.1)
      ruby2_keywords (>= 0.0.4)
    faraday-follow_redirects (0.1.0)
      faraday (>= 2, < 3)
    faraday-net_http (3.0.2)
    fiber-local (1.0.0)
    http-2-next (0.5.1)
    httpx (0.22.4)
      http-2-next (>= 0.4.1)
    i18n (1.12.0)
      concurrent-ruby (~> 1.0)
    io-event (1.1.6)
    json (2.6.3)
    latex-decode (0.4.0)
    little-plugger (1.1.4)
    logging (2.3.1)
      little-plugger (~> 1.1)
      multi_json (~> 1.14)
    matrix (0.4.2)
    minitest (5.17.0)
    multi_json (1.15.0)
    namae (1.1.1)
    neo4j-ruby-driver (4.4.3)
      activesupport
      async-io
      connection_pool
      zeitwerk (>= 2.1.10)
    nokogiri (1.14.2-x86_64-linux)
      racc (~> 1.4)
    orm_adapter (0.5.0)
    parallel (1.22.1)
    parser (3.2.1.0)
      ast (~> 2.4.1)
    pycall (1.4.2)
    racc (1.6.2)
    rainbow (3.1.1)
    rake (13.0.6)
    rake-compiler (1.2.1)
      rake
    rbtree (0.4.6)
    regexp_parser (2.7.0)
    require_all (3.0.0)
    rexml (3.2.5)
    rubocop (1.45.1)
      json (~> 2.3)
      parallel (~> 1.10)
      parser (>= 3.2.0.0)
      rainbow (>= 2.2.2, < 4.0)
      regexp_parser (>= 1.8, < 3.0)
      rexml (>= 3.2.5, < 4.0)
      rubocop-ast (>= 1.24.1, < 2.0)
      ruby-progressbar (~> 1.7)
      unicode-display_width (>= 2.4.0, < 3.0)
    rubocop-ast (1.26.0)
      parser (>= 3.2.1.0)
    ruby-progressbar (1.11.0)
    ruby2_keywords (0.0.5)
    serrano (1.4)
      faraday (~> 2.2)
      faraday-follow_redirects (~> 0.1.0)
      multi_json (~> 1.15)
      rexml (~> 3.2, >= 3.2.5)
      thor (~> 1.2, >= 1.2.1)
    set (1.0.3)
    sorted_set (1.0.3)
      rbtree
      set (~> 1.0)
    summarize (1.0.3)
      rake-compiler
    text (1.3.1)
    thor (1.2.1)
    timers (4.3.5)
    tzinfo (2.0.6)
      concurrent-ruby (~> 1.0)
    unicode-display_width (2.4.2)
    wapiti (2.1.0)
      builder (~> 3.2)
      rexml (~> 3.0)
    zeitwerk (2.6.7)

PLATFORMS
  x86_64-linux

DEPENDENCIES
  activegraph (~> 11.1.0.alpha.3)
  anystyle
  damerau-levenshtein (~> 1.3)
  dotenv (~> 2.1, >= 2.1.1)
  httpx
  logging (~> 2.3)
  matrix (~> 0.4.2)
  namae (~> 1.1)
  neo4j-ruby-driver (~> 4.4.0.alpha.6)
  nokogiri (~> 1.14)
  pycall (~> 1.4)
  require_all (~> 3.0)
  rubocop
  ruby-progressbar (~> 1.11)
  serrano
  summarize (~> 1.0)
  text (~> 1.3)

RUBY VERSION
   ruby 3.2.1p31

BUNDLED WITH
   2.4.7
